{
    "Modality":"MR",
    "MagneticFieldStrength":3,
    "ImagingFrequency":123.228,
    "Manufacturer":"Siemens",
    "ManufacturersModelName":"TrioTim",
    "InstitutionName":"BBL_-_University_of_Geneva",
    "InstitutionalDepartmentName":"Department",
    "InstitutionAddress":"Rue_Michel-Servet_1_Geneve_District_CH_1211",
    "DeviceSerialNumber":"35383",
    "StationName":"MRC35383",
    "PatientPosition":"HFS",
    "ProcedureStepDescription":"CISA_fMRI",
    "SoftwareVersions":"syngo_MR_B17",
    "MRAcquisitionType":"2D",
    "SeriesDescription":"WholeBrainReference_TE41_1800um_SBRef",
    "ProtocolName":"WholeBrainReference_TE41_1800um",
    "ScanningSequence":"EP",
    "SequenceVariant":"SK_SS",
    "ScanOptions":"FS",
    "SequenceName":"epfid2d1_100",
    "ImageType":[
        "ORIGINAL",
        "PRIMARY",
        "M",
        "ND",
        "MOSAIC"
    ],
    "SeriesNumber":4,
    "AcquisitionTime":"16:40:5.105000",
    "AcquisitionNumber":1,
    "ImageComments":"Single-band_reference",
    "SliceThickness":1.8,
    "SpacingBetweenSlices":1.8,
    "SAR":0.132884,
    "EchoNumber":1,
    "EchoTime":0.041,
    "RepetitionTime":2.43,
    "FlipAngle":70,
    "PartialFourier":1,
    "BaseResolution":100,
    "ShimSetting":[
        -13864,
        8920,
        19736,
        800,
        -12,
        -277,
        141,
        -45
    ],
    "TxRefAmp":341.777,
    "PhaseResolution":1,
    "ReceiveCoilName":"32Ch_Head",
    "CoilString":"C:HEA;HEP",
    "PulseSequenceDetails":"%CustomerSeq%_cmrr_mbep2d_bold",
    "PercentPhaseFOV":100,
    "PhaseEncodingSteps":100,
    "AcquisitionMatrixPE":100,
    "ReconMatrixPE":100,
    "BandwidthPerPixelPhaseEncode":14.493,
    "EffectiveEchoSpacing":0.000689988,
    "DerivedVendorReportedEchoSpacing":0.000689988,
    "TotalReadoutTime":0.0683088,
    "PixelBandwidth":1923,
    "DwellTime":2.6e-06,
    "PhaseEncodingDirection":"j-",
    "SliceTiming":[
        0,
        0.09,
        0.18,
        0.2725,
        0.3625,
        0.4525,
        0.5425,
        0.6325,
        0.7225,
        0.8125,
        0.9025,
        0.995,
        1.085,
        1.175,
        1.265,
        1.355,
        1.445,
        1.535,
        1.6275,
        1.7175,
        1.8075,
        1.8975,
        1.9875,
        2.0775,
        2.1675,
        2.26,
        2.35,
        2.44,
        2.53,
        2.62,
        2.71,
        2.8,
        2.89,
        2.9825,
        3.0725,
        3.1625,
        3.2525,
        3.3425,
        3.4325,
        3.5225,
        3.615,
        3.705,
        3.795,
        3.885,
        3.975,
        4.065,
        4.155,
        4.2475,
        4.3375,
        4.4275,
        4.5175,
        4.6075,
        4.6975,
        4.7875,
        4.8775,
        4.97,
        5.06,
        5.15,
        5.24,
        5.33,
        5.42,
        5.51,
        5.6025,
        5.6925,
        5.7825,
        5.8725,
        5.9625,
        6.0525,
        6.1425,
        6.235,
        6.325,
        6.415,
        6.505,
        6.595,
        6.685,
        6.775,
        6.865,
        6.9575,
        7.0475,
        7.1375,
        7.2275
    ],
    "ImageOrientationPatientDICOM":[
        0.999852,
        0.00298497,
        0.0169261,
        1.08097e-08,
        0.984803,
        -0.173674
    ],
    "InPlanePhaseEncodingDirectionDICOM":"COL",
    "ConversionSoftware":"dcm2niix",
    "ConversionSoftwareVersion":"v1.0.20181114  GCC7.3.0"
}