{
    "Modality":"MR",
    "MagneticFieldStrength":3,
    "ImagingFrequency":123.255,
    "Manufacturer":"Siemens",
    "ManufacturersModelName":"TrioTim",
    "InstitutionName":"BBL_-_University_of_Geneva",
    "InstitutionalDepartmentName":"Department",
    "InstitutionAddress":"Rue_Michel-Servet_1_Geneve_District_CH_1211",
    "DeviceSerialNumber":"35383",
    "StationName":"MRC35383",
    "PatientPosition":"HFS",
    "ProcedureStepDescription":"CISA_fMRI",
    "SoftwareVersions":"syngo_MR_B17",
    "MRAcquisitionType":"2D",
    "SeriesDescription":"RUN_2_TR2400_TE41_1800um",
    "ProtocolName":"RUN_2_TR2400_TE41_1800um",
    "ScanningSequence":"EP",
    "SequenceVariant":"SK_SS",
    "ScanOptions":"FS",
    "SequenceName":"epfid2d1_100",
    "ImageType":[
        "ORIGINAL",
        "PRIMARY",
        "M",
        "ND",
        "MOSAIC"
    ],
    "SeriesNumber":10,
    "AcquisitionTime":"10:26:23.312500",
    "AcquisitionNumber":1,
    "SliceThickness":1.8,
    "SpacingBetweenSlices":1.8,
    "SAR":0.0999813,
    "EchoNumber":1,
    "EchoTime":0.041,
    "RepetitionTime":2.4,
    "FlipAngle":70,
    "PartialFourier":1,
    "BaseResolution":100,
    "ShimSetting":[
        -13808,
        9042,
        19727,
        451,
        405,
        -572,
        -156,
        -73
    ],
    "TxRefAmp":539.395,
    "PhaseResolution":1,
    "ReceiveCoilName":"32Ch_Head",
    "CoilString":"C:HEA;HEP",
    "PulseSequenceDetails":"%CustomerSeq%_cmrr_mbep2d_bold",
    "PercentPhaseFOV":100,
    "PhaseEncodingSteps":100,
    "AcquisitionMatrixPE":100,
    "ReconMatrixPE":100,
    "BandwidthPerPixelPhaseEncode":14.493,
    "EffectiveEchoSpacing":0.000689988,
    "DerivedVendorReportedEchoSpacing":0.000689988,
    "TotalReadoutTime":0.0683088,
    "PixelBandwidth":1923,
    "DwellTime":2.6e-06,
    "PhaseEncodingDirection":"j-",
    "SliceTiming":[
        1.205,
        0,
        1.2975,
        0.0925,
        1.39,
        0.185,
        1.4825,
        0.2775,
        1.575,
        0.37,
        1.6675,
        0.4625,
        1.76,
        0.555,
        1.8525,
        0.6475,
        1.945,
        0.74,
        2.0375,
        0.8325,
        2.13,
        0.9275,
        2.2225,
        1.02,
        2.315,
        1.1125
    ],
    "ImageOrientationPatientDICOM":[
        0.999521,
        0.00537412,
        0.0304632,
        9.47335e-09,
        0.984793,
        -0.173731
    ],
    "InPlanePhaseEncodingDirectionDICOM":"COL",
    "ConversionSoftware":"dcm2niix",
    "ConversionSoftwareVersion":"v1.0.20181114  GCC7.3.0",
    "TaskName":"hedonic"
}