{
    "Modality":"MR",
    "MagneticFieldStrength":3,
    "ImagingFrequency":123.228,
    "Manufacturer":"Siemens",
    "ManufacturersModelName":"TrioTim",
    "InstitutionName":"BBL_-_University_of_Geneva",
    "InstitutionalDepartmentName":"Department",
    "InstitutionAddress":"Rue_Michel-Servet_1_Geneve_District_CH_1211",
    "DeviceSerialNumber":"35383",
    "StationName":"MRC35383",
    "PatientPosition":"HFS",
    "ProcedureStepDescription":"CISA_fMRI",
    "SoftwareVersions":"syngo_MR_B17",
    "MRAcquisitionType":"2D",
    "SeriesDescription":"RUN_1_TR2400_TE41_1800um",
    "ProtocolName":"RUN_1_TR2400_TE41_1800um",
    "ScanningSequence":"EP",
    "SequenceVariant":"SK_SS",
    "ScanOptions":"FS",
    "SequenceName":"epfid2d1_100",
    "ImageType":[
        "ORIGINAL",
        "PRIMARY",
        "M",
        "ND",
        "MOSAIC"
    ],
    "SeriesNumber":7,
    "AcquisitionTime":"11:38:18.725000",
    "AcquisitionNumber":1,
    "SliceThickness":1.8,
    "SpacingBetweenSlices":1.8,
    "SAR":0.0726687,
    "EchoNumber":1,
    "EchoTime":0.041,
    "RepetitionTime":2.4,
    "FlipAngle":70,
    "PartialFourier":1,
    "BaseResolution":100,
    "ShimSetting":[
        -13833,
        8980,
        19560,
        782,
        151,
        328,
        109,
        -246
    ],
    "TxRefAmp":332.476,
    "PhaseResolution":1,
    "ReceiveCoilName":"32Ch_Head",
    "CoilString":"C:HEA;HEP",
    "PulseSequenceDetails":"%CustomerSeq%_cmrr_mbep2d_bold",
    "PercentPhaseFOV":100,
    "PhaseEncodingSteps":100,
    "AcquisitionMatrixPE":100,
    "ReconMatrixPE":100,
    "BandwidthPerPixelPhaseEncode":14.493,
    "EffectiveEchoSpacing":0.000689988,
    "DerivedVendorReportedEchoSpacing":0.000689988,
    "TotalReadoutTime":0.0683088,
    "PixelBandwidth":1923,
    "DwellTime":2.6e-06,
    "PhaseEncodingDirection":"j-",
    "SliceTiming":[
        1.205,
        0,
        1.2975,
        0.0925,
        1.39,
        0.185,
        1.4825,
        0.2775,
        1.575,
        0.37,
        1.6675,
        0.4625,
        1.76,
        0.555,
        1.8525,
        0.6475,
        1.945,
        0.7425,
        2.0375,
        0.835,
        2.1325,
        0.9275,
        2.225,
        1.02,
        2.3175,
        1.1125
    ],
    "ImageOrientationPatientDICOM":[
        0.999962,
        -9.13766e-05,
        0.00872558,
        -4.31112e-09,
        0.999945,
        0.0104722
    ],
    "InPlanePhaseEncodingDirectionDICOM":"COL",
    "ConversionSoftware":"dcm2niix",
    "ConversionSoftwareVersion":"v1.0.20181114  GCC7.3.0",
    "TaskName":"PIT"
}