{
    "Modality":"MR",
    "MagneticFieldStrength":3,
    "ImagingFrequency":123.255,
    "Manufacturer":"Siemens",
    "ManufacturersModelName":"TrioTim",
    "InstitutionName":"BBL_-_University_of_Geneva",
    "InstitutionalDepartmentName":"Department",
    "InstitutionAddress":"Rue_Michel-Servet_1_Geneve_District_CH_1211",
    "DeviceSerialNumber":"35383",
    "StationName":"MRC35383",
    "PatientPosition":"HFS",
    "ProcedureStepDescription":"CISA_fMRI",
    "SoftwareVersions":"syngo_MR_B17",
    "MRAcquisitionType":"3D",
    "SeriesDescription":"T1",
    "ProtocolName":"T1",
    "ScanningSequence":"GR_IR",
    "SequenceVariant":"SP_MP_OSP",
    "ScanOptions":"IR",
    "SequenceName":"_tfl3d1_ns",
    "ImageType":[
        "ORIGINAL",
        "PRIMARY",
        "M",
        "ND",
        "NORM"
    ],
    "SeriesNumber":8,
    "AcquisitionTime":"15:44:38.885000",
    "AcquisitionNumber":1,
    "SliceThickness":1,
    "SAR":0.149852,
    "EchoNumber":1,
    "EchoTime":0.00227,
    "RepetitionTime":1.9,
    "InversionTime":0.9,
    "FlipAngle":9,
    "PartialFourier":1,
    "BaseResolution":256,
    "ShimSetting":[
        -13850,
        9050,
        19176,
        -140,
        270,
        -85,
        30,
        50
    ],
    "TxRefAmp":547.086,
    "PhaseResolution":1,
    "PhaseOversampling":0.15,
    "ReceiveCoilName":"32Ch_Head",
    "CoilString":"C:HEA;HEP",
    "PulseSequenceDetails":"%SiemensSeq%_tfl",
    "PercentPhaseFOV":100,
    "PhaseEncodingSteps":294,
    "AcquisitionMatrixPE":256,
    "ReconMatrixPE":256,
    "PixelBandwidth":190,
    "DwellTime":1.03e-05,
    "ImageOrientationPatientDICOM":[
        -0.0348995,
        0.999391,
        -3.8373e-09,
        0.00348849,
        0.000121817,
        -0.999994
    ],
    "InPlanePhaseEncodingDirectionDICOM":"ROW",
    "ConversionSoftware":"dcm2niix",
    "ConversionSoftwareVersion":"v1.0.20181114  GCC7.3.0"
}