{
    "Modality":"MR",
    "MagneticFieldStrength":3,
    "ImagingFrequency":123.255,
    "Manufacturer":"Siemens",
    "ManufacturersModelName":"TrioTim",
    "InstitutionName":"BBL_-_University_of_Geneva",
    "InstitutionalDepartmentName":"Department",
    "InstitutionAddress":"Rue_Michel-Servet_1_Geneve_District_CH_1211",
    "DeviceSerialNumber":"35383",
    "StationName":"MRC35383",
    "PatientPosition":"HFS",
    "ProcedureStepDescription":"CISA_fMRI",
    "SoftwareVersions":"syngo_MR_B17",
    "MRAcquisitionType":"2D",
    "SeriesDescription":"FIELD_MAP",
    "ProtocolName":"FIELD_MAP",
    "ScanningSequence":"GR",
    "SequenceVariant":"SP",
    "SequenceName":"_fm2d2r",
    "ImageType":[
        "ORIGINAL",
        "PRIMARY",
        "M",
        "ND"
    ],
    "SeriesNumber":2,
    "AcquisitionTime":"10:56:55.700000",
    "AcquisitionNumber":1,
    "SliceThickness":3,
    "SpacingBetweenSlices":3,
    "SAR":0.27994,
    "EchoNumber":1,
    "EchoTime":0.00519,
    "RepetitionTime":0.488,
    "FlipAngle":60,
    "PartialFourier":1,
    "BaseResolution":64,
    "ShimSetting":[
        -13840,
        8841,
        19733,
        719,
        297,
        -168,
        560,
        -95
    ],
    "TxRefAmp":471.138,
    "PhaseResolution":1,
    "ReceiveCoilName":"32Ch_Head",
    "CoilString":"C:HEA;HEP",
    "PulseSequenceDetails":"%SiemensSeq%_gre_field_mapping",
    "PercentPhaseFOV":100,
    "PhaseEncodingSteps":64,
    "AcquisitionMatrixPE":64,
    "ReconMatrixPE":64,
    "PixelBandwidth":260,
    "DwellTime":3e-05,
    "PhaseEncodingDirection":"j-",
    "ImageOrientationPatientDICOM":[
        0.999459,
        0.00278739,
        0.0327685,
        0.00174443,
        0.990506,
        -0.137462
    ],
    "InPlanePhaseEncodingDirectionDICOM":"COL",
    "ConversionSoftware":"dcm2niix",
    "ConversionSoftwareVersion":"v1.0.20181114  GCC7.3.0"
}