{
    "Modality":"MR",
    "MagneticFieldStrength":3,
    "ImagingFrequency":123.228,
    "Manufacturer":"Siemens",
    "ManufacturersModelName":"TrioTim",
    "InstitutionName":"BBL_-_University_of_Geneva",
    "InstitutionalDepartmentName":"Department",
    "InstitutionAddress":"Rue_Michel-Servet_1_Geneve_District_CH_1211",
    "DeviceSerialNumber":"35383",
    "StationName":"MRC35383",
    "PatientPosition":"HFS",
    "ProcedureStepDescription":"CISA_fMRI",
    "SoftwareVersions":"syngo_MR_B17",
    "MRAcquisitionType":"2D",
    "SeriesDescription":"RUN_1_TR2400_TE41_1800um",
    "ProtocolName":"RUN_1_TR2400_TE41_1800um",
    "ScanningSequence":"EP",
    "SequenceVariant":"SK_SS",
    "ScanOptions":"FS",
    "SequenceName":"epfid2d1_100",
    "ImageType":[
        "ORIGINAL",
        "PRIMARY",
        "M",
        "ND",
        "MOSAIC"
    ],
    "SeriesNumber":7,
    "AcquisitionTime":"13:41:21.342500",
    "AcquisitionNumber":1,
    "SliceThickness":1.8,
    "SpacingBetweenSlices":1.8,
    "SAR":0.0806622,
    "EchoNumber":1,
    "EchoTime":0.041,
    "RepetitionTime":2.4,
    "FlipAngle":70,
    "PartialFourier":1,
    "BaseResolution":100,
    "ShimSetting":[
        -13878,
        8920,
        19731,
        660,
        311,
        -336,
        -19,
        34
    ],
    "TxRefAmp":355.847,
    "PhaseResolution":1,
    "ReceiveCoilName":"32Ch_Head",
    "CoilString":"C:HEA;HEP",
    "PulseSequenceDetails":"%CustomerSeq%_cmrr_mbep2d_bold",
    "PercentPhaseFOV":100,
    "PhaseEncodingSteps":100,
    "AcquisitionMatrixPE":100,
    "ReconMatrixPE":100,
    "BandwidthPerPixelPhaseEncode":14.493,
    "EffectiveEchoSpacing":0.000689988,
    "DerivedVendorReportedEchoSpacing":0.000689988,
    "TotalReadoutTime":0.0683088,
    "PixelBandwidth":1923,
    "DwellTime":2.6e-06,
    "PhaseEncodingDirection":"j-",
    "SliceTiming":[
        1.205,
        0,
        1.2975,
        0.095,
        1.39,
        0.1875,
        1.4825,
        0.28,
        1.5775,
        0.3725,
        1.67,
        0.465,
        1.7625,
        0.5575,
        1.855,
        0.65,
        1.9475,
        0.7425,
        2.04,
        0.835,
        2.1325,
        0.9275,
        2.225,
        1.02,
        2.3175,
        1.1125
    ],
    "ImageOrientationPatientDICOM":[
        0.996238,
        -0.00924383,
        -0.0861678,
        -3.09413e-08,
        0.994295,
        -0.106665
    ],
    "InPlanePhaseEncodingDirectionDICOM":"COL",
    "ConversionSoftware":"dcm2niix",
    "ConversionSoftwareVersion":"v1.0.20181114  GCC7.3.0",
    "TaskName":"PIT"
}