{
    "Modality":"MR",
    "MagneticFieldStrength":3,
    "ImagingFrequency":123.228,
    "Manufacturer":"Siemens",
    "ManufacturersModelName":"TrioTim",
    "InstitutionName":"BBL_-_University_of_Geneva",
    "InstitutionalDepartmentName":"Department",
    "InstitutionAddress":"Rue_Michel-Servet_1_Geneve_District_CH_1211",
    "DeviceSerialNumber":"35383",
    "StationName":"MRC35383",
    "PatientPosition":"HFS",
    "ProcedureStepDescription":"CISA_fMRI",
    "SoftwareVersions":"syngo_MR_B17",
    "MRAcquisitionType":"2D",
    "SeriesDescription":"FIELD_MAP",
    "ProtocolName":"FIELD_MAP",
    "ScanningSequence":"GR",
    "SequenceVariant":"SP",
    "SequenceName":"_fm2d2r",
    "ImageType":[
        "ORIGINAL",
        "PRIMARY",
        "P",
        "ND"
    ],
    "SeriesNumber":3,
    "AcquisitionTime":"11:31:49.235000",
    "AcquisitionNumber":1,
    "SliceThickness":3,
    "SpacingBetweenSlices":3,
    "SAR":0.244738,
    "EchoNumber":2,
    "EchoTime":0.00765,
    "RepetitionTime":0.488,
    "FlipAngle":60,
    "PartialFourier":1,
    "BaseResolution":64,
    "ShimSetting":[
        -13838,
        8984,
        19571,
        872,
        205,
        421,
        121,
        -177
    ],
    "TxRefAmp":332.476,
    "PhaseResolution":1,
    "ReceiveCoilName":"32Ch_Head",
    "CoilString":"C:HEA;HEP",
    "PulseSequenceDetails":"%SiemensSeq%_gre_field_mapping",
    "PercentPhaseFOV":100,
    "PhaseEncodingSteps":64,
    "AcquisitionMatrixPE":64,
    "ReconMatrixPE":64,
    "PixelBandwidth":260,
    "DwellTime":3e-05,
    "PhaseEncodingDirection":"j-",
    "ImageOrientationPatientDICOM":[
        0.999816,
        0.000234525,
        0.0191946,
        3.54902e-08,
        0.999925,
        -0.0122193
    ],
    "InPlanePhaseEncodingDirectionDICOM":"COL",
    "ConversionSoftware":"dcm2niix",
    "ConversionSoftwareVersion":"v1.0.20181114  GCC7.3.0",
    "EchoTime1":0.00519,
    "EchoTime2":0.00765
}
