{
    "Modality":"MR",
    "MagneticFieldStrength":3,
    "ImagingFrequency":123.228,
    "Manufacturer":"Siemens",
    "ManufacturersModelName":"TrioTim",
    "InstitutionName":"BBL_-_University_of_Geneva",
    "InstitutionalDepartmentName":"Department",
    "InstitutionAddress":"Rue_Michel-Servet_1_Geneve_District_CH_1211",
    "DeviceSerialNumber":"35383",
    "StationName":"MRC35383",
    "PatientPosition":"HFS",
    "ProcedureStepDescription":"CISA_fMRI",
    "SoftwareVersions":"syngo_MR_B17",
    "MRAcquisitionType":"3D",
    "SeriesDescription":"T1",
    "ProtocolName":"T1",
    "ScanningSequence":"GR_IR",
    "SequenceVariant":"SP_MP_OSP",
    "ScanOptions":"IR",
    "SequenceName":"_tfl3d1_ns",
    "ImageType":[
        "ORIGINAL",
        "PRIMARY",
        "M",
        "ND",
        "NORM"
    ],
    "SeriesNumber":8,
    "AcquisitionTime":"16:00:9.120000",
    "AcquisitionNumber":1,
    "SliceThickness":1,
    "SAR":0.165336,
    "EchoNumber":1,
    "EchoTime":0.00227,
    "RepetitionTime":1.9,
    "InversionTime":0.9,
    "FlipAngle":9,
    "PartialFourier":1,
    "BaseResolution":256,
    "ShimSetting":[
        -13868,
        8977,
        19243,
        44,
        61,
        23,
        -27,
        -27
    ],
    "TxRefAmp":383.46,
    "PhaseResolution":1,
    "PhaseOversampling":0.15,
    "ReceiveCoilName":"32Ch_Head",
    "CoilString":"C:HEA;HEP",
    "PulseSequenceDetails":"%SiemensSeq%_tfl",
    "PercentPhaseFOV":100,
    "PhaseEncodingSteps":294,
    "AcquisitionMatrixPE":256,
    "ReconMatrixPE":256,
    "PixelBandwidth":190,
    "DwellTime":1.03e-05,
    "ImageOrientationPatientDICOM":[
        -0.0191975,
        0.999816,
        -6.57537e-08,
        -0.0383807,
        -0.000737014,
        -0.999263
    ],
    "InPlanePhaseEncodingDirectionDICOM":"ROW",
    "ConversionSoftware":"dcm2niix",
    "ConversionSoftwareVersion":"v1.0.20181114  GCC7.3.0"
}