{
    "Modality":"MR",
    "MagneticFieldStrength":3,
    "ImagingFrequency":123.22,
    "Manufacturer":"Siemens",
    "ManufacturersModelName":"TrioTim",
    "InstitutionName":"BBL_-_University_of_Geneva",
    "InstitutionalDepartmentName":"Department",
    "InstitutionAddress":"Rue_Michel-Servet_1_Geneve_District_CH_1211",
    "DeviceSerialNumber":"35383",
    "StationName":"MRC35383",
    "PatientPosition":"HFS",
    "ProcedureStepDescription":"CISA_fMRI",
    "SoftwareVersions":"syngo_MR_B17",
    "MRAcquisitionType":"3D",
    "SeriesDescription":"T1",
    "ProtocolName":"T1",
    "ScanningSequence":"GR_IR",
    "SequenceVariant":"SP_MP_OSP",
    "ScanOptions":"IR",
    "SequenceName":"_tfl3d1_ns",
    "ImageType":[
        "ORIGINAL",
        "PRIMARY",
        "M",
        "ND",
        "NORM"
    ],
    "SeriesNumber":8,
    "AcquisitionTime":"11:05:18.642500",
    "AcquisitionNumber":1,
    "SliceThickness":1,
    "SAR":0.13054,
    "EchoNumber":1,
    "EchoTime":0.00227,
    "RepetitionTime":1.9,
    "InversionTime":0.9,
    "FlipAngle":9,
    "PartialFourier":1,
    "BaseResolution":256,
    "ShimSetting":[
        -13883,
        8934,
        19219,
        8,
        9,
        -4,
        -1,
        6
    ],
    "TxRefAmp":359.166,
    "PhaseResolution":1,
    "PhaseOversampling":0.15,
    "ReceiveCoilName":"32Ch_Head",
    "CoilString":"C:HEA;HEP",
    "PulseSequenceDetails":"%SiemensSeq%_tfl",
    "PercentPhaseFOV":100,
    "PhaseEncodingSteps":294,
    "AcquisitionMatrixPE":256,
    "ReconMatrixPE":256,
    "PixelBandwidth":190,
    "DwellTime":1.03e-05,
    "ImageOrientationPatientDICOM":[
        -0.0383878,
        0.999263,
        2.23642e-09,
        -0.00697613,
        -0.000267993,
        -0.999976
    ],
    "InPlanePhaseEncodingDirectionDICOM":"ROW",
    "ConversionSoftware":"dcm2niix",
    "ConversionSoftwareVersion":"v1.0.20181114  GCC7.3.0"
}