{
    "Modality":"MR",
    "MagneticFieldStrength":3,
    "ImagingFrequency":123.228,
    "Manufacturer":"Siemens",
    "ManufacturersModelName":"TrioTim",
    "InstitutionName":"BBL_-_University_of_Geneva",
    "InstitutionalDepartmentName":"Department",
    "InstitutionAddress":"Rue_Michel-Servet_1_Geneve_District_CH_1211",
    "DeviceSerialNumber":"35383",
    "StationName":"MRC35383",
    "PatientPosition":"HFS",
    "ProcedureStepDescription":"CISA_fMRI",
    "SoftwareVersions":"syngo_MR_B17",
    "MRAcquisitionType":"2D",
    "SeriesDescription":"FIELD_MAP",
    "ProtocolName":"FIELD_MAP",
    "ScanningSequence":"GR",
    "SequenceVariant":"SP",
    "SequenceName":"_fm2d2r",
    "ImageType":[
        "ORIGINAL",
        "PRIMARY",
        "M",
        "ND"
    ],
    "SeriesNumber":2,
    "AcquisitionTime":"18:05:42.690000",
    "AcquisitionNumber":1,
    "SliceThickness":3,
    "SpacingBetweenSlices":3,
    "SAR":0.282495,
    "EchoNumber":1,
    "EchoTime":0.00519,
    "RepetitionTime":0.488,
    "FlipAngle":60,
    "PartialFourier":1,
    "BaseResolution":64,
    "ShimSetting":[
        -13839,
        9088,
        19671,
        762,
        137,
        207,
        -379,
        -115
    ],
    "TxRefAmp":375.007,
    "PhaseResolution":1,
    "ReceiveCoilName":"32Ch_Head",
    "CoilString":"C:HEA;HEP",
    "PulseSequenceDetails":"%SiemensSeq%_gre_field_mapping",
    "PercentPhaseFOV":100,
    "PhaseEncodingSteps":64,
    "AcquisitionMatrixPE":64,
    "ReconMatrixPE":64,
    "PixelBandwidth":260,
    "DwellTime":3e-05,
    "PhaseEncodingDirection":"j-",
    "ImageOrientationPatientDICOM":[
        0.998264,
        0.00912371,
        0.0581919,
        0.00871177,
        0.954197,
        -0.299053
    ],
    "InPlanePhaseEncodingDirectionDICOM":"COL",
    "ConversionSoftware":"dcm2niix",
    "ConversionSoftwareVersion":"v1.0.20181114  GCC7.3.0"
}