{
    "Modality":"MR",
    "MagneticFieldStrength":3,
    "ImagingFrequency":123.22,
    "Manufacturer":"Siemens",
    "ManufacturersModelName":"TrioTim",
    "InstitutionName":"BBL_-_University_of_Geneva",
    "InstitutionalDepartmentName":"Department",
    "InstitutionAddress":"Rue_Michel-Servet_1_Geneve_District_CH_1211",
    "DeviceSerialNumber":"35383",
    "StationName":"MRC35383",
    "PatientPosition":"HFS",
    "ProcedureStepDescription":"CISA_fMRI",
    "SoftwareVersions":"syngo_MR_B17",
    "MRAcquisitionType":"2D",
    "SeriesDescription":"WholeBrainReference_TE41_1800um_SBRef",
    "ProtocolName":"WholeBrainReference_TE41_1800um",
    "ScanningSequence":"EP",
    "SequenceVariant":"SK_SS",
    "ScanOptions":"FS",
    "SequenceName":"epfid2d1_100",
    "ImageType":[
        "ORIGINAL",
        "PRIMARY",
        "M",
        "ND",
        "MOSAIC"
    ],
    "SeriesNumber":4,
    "AcquisitionTime":"13:39:25.425000",
    "AcquisitionNumber":1,
    "ImageComments":"Single-band_reference",
    "SliceThickness":1.8,
    "SpacingBetweenSlices":1.8,
    "SAR":0.173478,
    "EchoNumber":1,
    "EchoTime":0.041,
    "RepetitionTime":2.43,
    "FlipAngle":70,
    "PartialFourier":1,
    "BaseResolution":100,
    "ShimSetting":[
        -13870,
        8912,
        19704,
        680,
        8,
        -76,
        -182,
        -11
    ],
    "TxRefAmp":375.549,
    "PhaseResolution":1,
    "ReceiveCoilName":"32Ch_Head",
    "CoilString":"C:HEA;HEP",
    "PulseSequenceDetails":"%CustomerSeq%_cmrr_mbep2d_bold",
    "PercentPhaseFOV":100,
    "PhaseEncodingSteps":100,
    "AcquisitionMatrixPE":100,
    "ReconMatrixPE":100,
    "BandwidthPerPixelPhaseEncode":14.493,
    "EffectiveEchoSpacing":0.000689988,
    "DerivedVendorReportedEchoSpacing":0.000689988,
    "TotalReadoutTime":0.0683088,
    "PixelBandwidth":1923,
    "DwellTime":2.6e-06,
    "PhaseEncodingDirection":"j-",
    "SliceTiming":[
        0,
        0.09,
        0.18,
        0.27,
        0.36,
        0.45,
        0.54,
        0.63,
        0.7225,
        0.8125,
        0.9025,
        0.9925,
        1.0825,
        1.1725,
        1.2625,
        1.355,
        1.445,
        1.535,
        1.625,
        1.715,
        1.805,
        1.895,
        1.9875,
        2.0775,
        2.1675,
        2.2575,
        2.3475,
        2.4375,
        2.5275,
        2.6175,
        2.71,
        2.8,
        2.89,
        2.98,
        3.07,
        3.16,
        3.25,
        3.3425,
        3.4325,
        3.5225,
        3.6125,
        3.7025,
        3.7925,
        3.8825,
        3.975,
        4.065,
        4.155,
        4.245,
        4.335,
        4.425,
        4.515,
        4.605,
        4.6975,
        4.7875,
        4.8775,
        4.9675,
        5.0575,
        5.1475,
        5.2375,
        5.33,
        5.42,
        5.51,
        5.6,
        5.69,
        5.78,
        5.87,
        5.9625,
        6.0525,
        6.1425,
        6.2325,
        6.3225,
        6.4125,
        6.5025,
        6.5925,
        6.685,
        6.775,
        6.865,
        6.955,
        7.045,
        7.135,
        7.225
    ],
    "ImageOrientationPatientDICOM":[
        0.999787,
        0.00358211,
        0.0203108,
        1.8499e-08,
        0.984801,
        -0.173685
    ],
    "InPlanePhaseEncodingDirectionDICOM":"COL",
    "ConversionSoftware":"dcm2niix",
    "ConversionSoftwareVersion":"v1.0.20181114  GCC7.3.0"
}